PATH
  remote: .
  specs:
    maxmind_proxy_detection (0.0.0)
      excon

GEM
  remote: https://rubygems.org/
  specs:
    ansi (1.4.3)
    builder (3.2.2)
    excon (0.30.0)
    hashie (2.0.5)
    minitest (4.7.5)
    minitest-reporters (0.14.23)
      ansi
      builder
      minitest (>= 2.12, < 5.0)
      powerbar
    powerbar (1.0.11)
      ansi (~> 1.4.0)
      hashie (>= 1.1.0)

PLATFORMS
  ruby

DEPENDENCIES
  maxmind_proxy_detection!
  minitest-reporters (< 1.0)
