PATH
  remote: .
  specs:
    maxmind_proxy_detection (0.0.1)
      excon

GEM
  remote: https://rubygems.org/
  specs:
    ansi (1.5.0)
    builder (3.2.2)
    codeclimate-test-reporter (0.4.6)
      simplecov (>= 0.7.1, < 1.0.0)
    docile (1.1.5)
    excon (0.44.2)
    hashie (3.4.0)
    minitest (4.7.5)
    minitest-reporters (0.14.24)
      ansi
      builder
      minitest (>= 2.12, < 5.0)
      powerbar
    multi_json (1.10.1)
    powerbar (1.0.12)
      ansi (~> 1.5.0)
      hashie (>= 1.1.0)
    simplecov (0.9.2)
      docile (~> 1.1.0)
      multi_json (~> 1.0)
      simplecov-html (~> 0.9.0)
    simplecov-html (0.9.0)

PLATFORMS
  ruby

DEPENDENCIES
  codeclimate-test-reporter
  maxmind_proxy_detection!
  minitest (~> 4.0)
  minitest-reporters
